PATH
  remote: .
  specs:
    stalker (0.1.0)
      listen (~> 2.0)

GEM
  remote: https://rubygems.org/
  specs:
    celluloid (0.15.2)
      timers (~> 1.1.0)
    diff-lcs (1.2.5)
    ffi (1.9.3)
    listen (2.4.0)
      celluloid (>= 0.15.2)
      rb-fsevent (>= 0.9.3)
      rb-inotify (>= 0.9)
    rake (0.9.6)
    rb-fsevent (0.9.3)
    rb-inotify (0.9.3)
      ffi (>= 0.5.0)
    rspec (2.14.1)
      rspec-core (~> 2.14.0)
      rspec-expectations (~> 2.14.0)
      rspec-mocks (~> 2.14.0)
    rspec-core (2.14.7)
    rspec-expectations (2.14.4)
      diff-lcs (>= 1.1.3, < 2.0)
    rspec-mocks (2.14.4)
    timers (1.1.0)

PLATFORMS
  ruby

DEPENDENCIES
  bundler (~> 1.3.5)
  rake
  rspec (~> 2.14)
  stalker!
